GEM
  remote: https://rubygems.org/
  specs:
    concurrent-ruby (1.1.10)
    hamster (3.0.0)
      concurrent-ruby (~> 1.0)
    jose (1.1.3)
      hamster
    jwt (2.5.0)
    mustermann (2.0.2)
      ruby2_keywords (~> 0.0.1)
    rack (2.2.4)
    rack-protection (2.2.2)
      rack
    ruby2_keywords (0.0.5)
    sinatra (2.2.2)
      mustermann (~> 2.0)
      rack (~> 2.2)
      rack-protection (= 2.2.2)
      tilt (~> 2.0)
    tilt (2.0.11)
    webrick (1.7.0)

PLATFORMS
  x86_64-linux-musl

DEPENDENCIES
  jose
  jwt
  sinatra
  webrick

BUNDLED WITH
   2.3.7
